GIT
  remote: https://github.com/bendyworks/best_in_place
  revision: c05f1dccba45413ca5f0d9c910deb3703c51bc5d
  specs:
    best_in_place (3.1.1)
      actionpack (>= 3.2)
      railties (>= 3.2)

GIT
  remote: https://github.com/winston/google_visualr
  revision: 17b97114a345baadd011e7b442b9a6c91a2b7ab5
  specs:
    google_visualr (2.5.1)

GEM
  remote: https://rubygems.org/
  specs:
    actioncable (6.0.2)
      actionpack (= 6.0.2)
      nio4r (~> 2.0)
      websocket-driver (>= 0.6.1)
    actionmailbox (6.0.2)
      actionpack (= 6.0.2)
      activejob (= 6.0.2)
      activerecord (= 6.0.2)
      activestorage (= 6.0.2)
      activesupport (= 6.0.2)
      mail (>= 2.7.1)
    actionmailer (6.0.2)
      actionpack (= 6.0.2)
      actionview (= 6.0.2)
      activejob (= 6.0.2)
      mail (~> 2.5, >= 2.5.4)
      rails-dom-testing (~> 2.0)
    actionpack (6.0.2)
      actionview (= 6.0.2)
      activesupport (= 6.0.2)
      rack (~> 2.0)
      rack-test (>= 0.6.3)
      rails-dom-testing (~> 2.0)
      rails-html-sanitizer (~> 1.0, >= 1.2.0)
    actiontext (6.0.2)
      actionpack (= 6.0.2)
      activerecord (= 6.0.2)
      activestorage (= 6.0.2)
      activesupport (= 6.0.2)
      nokogiri (>= 1.8.5)
    actionview (6.0.2)
      activesupport (= 6.0.2)
      builder (~> 3.1)
      erubi (~> 1.4)
      rails-dom-testing (~> 2.0)
      rails-html-sanitizer (~> 1.1, >= 1.2.0)
    activejob (6.0.2)
      activesupport (= 6.0.2)
      globalid (>= 0.3.6)
    activemodel (6.0.2)
      activesupport (= 6.0.2)
    activerecord (6.0.2)
      activemodel (= 6.0.2)
      activesupport (= 6.0.2)
    activestorage (6.0.2)
      actionpack (= 6.0.2)
      activejob (= 6.0.2)
      activerecord (= 6.0.2)
      marcel (~> 0.3.1)
    activesupport (6.0.2)
      concurrent-ruby (~> 1.0, >= 1.0.2)
      i18n (>= 0.7, < 2)
      minitest (~> 5.1)
      tzinfo (~> 1.1)
      zeitwerk (~> 2.2)
    addressable (2.7.0)
      public_suffix (>= 2.0.2, < 5.0)
    airbrake (9.5.5)
      airbrake-ruby (~> 4.8)
    airbrake-ruby (4.9.0)
      rbtree3 (~> 0.5)
    ast (2.4.0)
    autoprefixer-rails (9.7.3)
      execjs
    backports (3.15.0)
    bcrypt (3.1.13)
    bootstrap-sass (3.4.1)
      autoprefixer-rails (>= 5.2.1)
      sassc (>= 2.0.0)
    builder (3.2.4)
    byebug (11.0.1)
    capybara (3.29.0)
      addressable
      mini_mime (>= 0.1.3)
      nokogiri (~> 1.8)
      rack (>= 1.6.0)
      rack-test (>= 0.6.3)
      regexp_parser (~> 1.5)
      xpath (~> 3.2)
    childprocess (3.0.0)
    choice (0.2.0)
    code_analyzer (0.4.8)
      sexp_processor
    coderay (1.1.2)
    coffee-rails (5.0.0)
      coffee-script (>= 2.2.0)
      railties (>= 5.2.0)
    coffee-script (2.4.1)
      coffee-script-source
      execjs
    coffee-script-source (1.12.2)
    concurrent-ruby (1.1.5)
    crass (1.0.5)
    cucumber (3.1.2)
      builder (>= 2.1.2)
      cucumber-core (~> 3.2.0)
      cucumber-expressions (~> 6.0.1)
      cucumber-wire (~> 0.0.1)
      diff-lcs (~> 1.3)
      gherkin (~> 5.1.0)
      multi_json (>= 1.7.5, < 2.0)
      multi_test (>= 0.1.2)
    cucumber-core (3.2.1)
      backports (>= 3.8.0)
      cucumber-tag_expressions (~> 1.1.0)
      gherkin (~> 5.0)
    cucumber-expressions (6.0.1)
    cucumber-rails (2.0.0)
      capybara (>= 2.12, < 4)
      cucumber (>= 3.0.2, < 4)
      mime-types (>= 2.0, < 4)
      nokogiri (~> 1.8)
      railties (>= 4.2, < 7)
    cucumber-tag_expressions (1.1.1)
    cucumber-wire (0.0.1)
    database_cleaner (1.7.0)
    devise (4.7.1)
      bcrypt (~> 3.0)
      orm_adapter (~> 0.1)
      railties (>= 4.1.0)
      responders
      warden (~> 1.2.3)
    devise_invitable (2.0.1)
      actionmailer (>= 5.0)
      devise (>= 4.6)
    diff-lcs (1.3)
    erubi (1.9.0)
    erubis (2.7.0)
    execjs (2.7.0)
    factory_bot (5.1.1)
      activesupport (>= 4.2.0)
    factory_bot_rails (5.1.1)
      factory_bot (~> 5.1.0)
      railties (>= 4.2.0)
    ffi (1.11.3)
    gherkin (5.1.0)
    globalid (0.4.2)
      activesupport (>= 4.2.0)
    haml (5.1.2)
      temple (>= 0.8.0)
      tilt
    haml-rails (2.0.1)
      actionpack (>= 5.1)
      activesupport (>= 5.1)
      haml (>= 4.0.6, < 6.0)
      html2haml (>= 1.0.1)
      railties (>= 5.1)
    html2haml (2.2.0)
      erubis (~> 2.7.0)
      haml (>= 4.0, < 6)
      nokogiri (>= 1.6.0)
      ruby_parser (~> 3.5)
    i18n (1.7.0)
      concurrent-ruby (~> 1.0)
    immigrant (0.3.6)
      activerecord (>= 3.0)
    jaro_winkler (1.5.4)
    jbuilder (2.9.1)
      activesupport (>= 4.2.0)
    jquery-rails (4.3.5)
      rails-dom-testing (>= 1, < 3)
      railties (>= 4.2.0)
      thor (>= 0.14, < 2.0)
    jquery-turbolinks (2.1.0)
      railties (>= 3.1.0)
      turbolinks
    jquery-ui-rails (6.0.1)
      railties (>= 3.2.16)
    json (2.3.0)
    launchy (2.4.3)
      addressable (~> 2.3)
    loofah (2.4.0)
      crass (~> 1.0.2)
      nokogiri (>= 1.5.9)
    mail (2.7.1)
      mini_mime (>= 0.1.1)
    marcel (0.3.3)
      mimemagic (~> 0.3.2)
    method_source (0.9.2)
    mime-types (3.3)
      mime-types-data (~> 3.2015)
    mime-types-data (3.2019.1009)
    mimemagic (0.3.3)
    mini_mime (1.0.2)
    mini_portile2 (2.4.0)
    minitest (5.13.0)
    multi_json (1.14.1)
    multi_test (0.1.2)
    nio4r (2.5.2)
    nokogiri (1.10.7)
      mini_portile2 (~> 2.4.0)
    orm_adapter (0.5.0)
    parallel (1.19.1)
    parser (2.6.5.0)
      ast (~> 2.4.0)
    pg (1.1.4)
    pry (0.12.2)
      coderay (~> 1.1.0)
      method_source (~> 0.9.0)
    pry-byebug (3.7.0)
      byebug (~> 11.0)
      pry (~> 0.10)
    public_suffix (4.0.1)
    puma (4.3.1)
      nio4r (~> 2.0)
    rack (2.0.8)
    rack-test (1.1.0)
      rack (>= 1.0, < 3)
    rails (6.0.2)
      actioncable (= 6.0.2)
      actionmailbox (= 6.0.2)
      actionmailer (= 6.0.2)
      actionpack (= 6.0.2)
      actiontext (= 6.0.2)
      actionview (= 6.0.2)
      activejob (= 6.0.2)
      activemodel (= 6.0.2)
      activerecord (= 6.0.2)
      activestorage (= 6.0.2)
      activesupport (= 6.0.2)
      bundler (>= 1.3.0)
      railties (= 6.0.2)
      sprockets-rails (>= 2.0.0)
    rails-controller-testing (1.0.4)
      actionpack (>= 5.0.1.x)
      actionview (>= 5.0.1.x)
      activesupport (>= 5.0.1.x)
    rails-dom-testing (2.0.3)
      activesupport (>= 4.2.0)
      nokogiri (>= 1.6)
    rails-erd (1.6.0)
      activerecord (>= 4.2)
      activesupport (>= 4.2)
      choice (~> 0.2.0)
      ruby-graphviz (~> 1.2)
    rails-html-sanitizer (1.3.0)
      loofah (~> 2.3)
    rails_best_practices (1.19.4)
      activesupport
      code_analyzer (>= 0.4.8)
      erubis
      i18n
      json
      require_all (~> 2.0)
      ruby-progressbar
    railties (6.0.2)
      actionpack (= 6.0.2)
      activesupport (= 6.0.2)
      method_source
      rake (>= 0.8.7)
      thor (>= 0.20.3, < 2.0)
    rainbow (3.0.0)
    rake (13.0.1)
    rbtree3 (0.5.0)
    rdoc (6.2.0)
    regexp_parser (1.6.0)
    require_all (2.0.0)
    responders (3.0.0)
      actionpack (>= 5.0)
      railties (>= 5.0)
    rspec-core (3.9.0)
      rspec-support (~> 3.9.0)
    rspec-expectations (3.9.0)
      diff-lcs (>= 1.2.0, < 2.0)
      rspec-support (~> 3.9.0)
    rspec-mocks (3.9.0)
      diff-lcs (>= 1.2.0, < 2.0)
      rspec-support (~> 3.9.0)
    rspec-rails (4.0.0.beta3)
      actionpack (>= 4.2)
      activesupport (>= 4.2)
      railties (>= 4.2)
      rspec-core (~> 3.8)
      rspec-expectations (~> 3.8)
      rspec-mocks (~> 3.8)
      rspec-support (~> 3.8)
    rspec-support (3.9.0)
    rubocop (0.77.0)
      jaro_winkler (~> 1.5.1)
      parallel (~> 1.10)
      parser (>= 2.6)
      rainbow (>= 2.2.2, < 4.0)
      ruby-progressbar (~> 1.7)
      unicode-display_width (>= 1.4.0, < 1.7)
    rubocop-performance (1.5.1)
      rubocop (>= 0.71.0)
    rubocop-rails (2.4.0)
      rack (>= 1.1)
      rubocop (>= 0.72.0)
    ruby-graphviz (1.2.4)
    ruby-progressbar (1.10.1)
    ruby_parser (3.14.1)
      sexp_processor (~> 4.9)
    rubyzip (2.0.0)
    sass-rails (6.0.0)
      sassc-rails (~> 2.1, >= 2.1.1)
    sassc (2.2.1)
      ffi (~> 1.9)
    sassc-rails (2.1.2)
      railties (>= 4.0.0)
      sassc (>= 2.0)
      sprockets (> 3.0)
      sprockets-rails
      tilt
    sdoc (1.0.0)
      rdoc (>= 5.0)
    selenium-webdriver (3.142.6)
      childprocess (>= 0.5, < 4.0)
      rubyzip (>= 1.2.2)
    sexp_processor (4.13.0)
    shoulda-matchers (4.1.2)
      activesupport (>= 4.2.0)
    smarter_csv (1.2.6)
    spring (2.1.0)
    sprockets (4.0.0)
      concurrent-ruby (~> 1.0)
      rack (> 1, < 3)
    sprockets-rails (3.2.1)
      actionpack (>= 4.0)
      activesupport (>= 4.0)
      sprockets (>= 3.0.0)
    temple (0.8.2)
    thor (1.0.1)
    thread_safe (0.3.6)
    tilt (2.0.10)
    turbolinks (5.2.1)
      turbolinks-source (~> 5.2)
    turbolinks-source (5.2.0)
    tzinfo (1.2.5)
      thread_safe (~> 0.1)
    uglifier (4.2.0)
      execjs (>= 0.3.0, < 3)
    unicode-display_width (1.6.0)
    warden (1.2.8)
      rack (>= 2.0.6)
    websocket-driver (0.7.1)
      websocket-extensions (>= 0.1.0)
    websocket-extensions (0.1.4)
    xpath (3.2.0)
      nokogiri (~> 1.8)
    zeitwerk (2.2.2)

PLATFORMS
  ruby

DEPENDENCIES
  airbrake
  best_in_place!
  bootstrap-sass
  capybara
  coffee-rails
  cucumber-rails
  database_cleaner
  devise
  devise_invitable
  factory_bot_rails
  google_visualr!
  haml
  haml-rails
  immigrant
  jbuilder
  jquery-rails
  jquery-turbolinks
  jquery-ui-rails
  launchy
  pg
  pry
  pry-byebug
  puma
  rails (= 6.0.2)
  rails-controller-testing
  rails-erd
  rails_best_practices
  rake
  rspec-rails (= 4.0.0.beta3)
  rubocop
  rubocop-performance
  rubocop-rails
  sass-rails
  sdoc
  selenium-webdriver
  shoulda-matchers
  smarter_csv
  spring
  turbolinks
  uglifier

RUBY VERSION
   ruby 2.6.3p62

BUNDLED WITH
   2.1.0
